PATH
  remote: .
  specs:
    gofuncs (0.1.2)
      ffi (= 1.9.18)

GEM
  remote: https://rubygems.org/
  specs:
    diff-lcs (1.3)
    ffi (1.9.18)
    rake (10.5.0)
    rake-compiler (0.9.9)
      rake
    rspec (3.7.0)
      rspec-core (~> 3.7.0)
      rspec-expectations (~> 3.7.0)
      rspec-mocks (~> 3.7.0)
    rspec-core (3.7.1)
      rspec-support (~> 3.7.0)
    rspec-expectations (3.7.0)
      diff-lcs (>= 1.2.0, < 2.0)
      rspec-support (~> 3.7.0)
    rspec-mocks (3.7.0)
      diff-lcs (>= 1.2.0, < 2.0)
      rspec-support (~> 3.7.0)
    rspec-support (3.7.0)

PLATFORMS
  ruby

DEPENDENCIES
  bundler (~> 1.16)
  gofuncs!
  rake (~> 10.0)
  rake-compiler (~> 0)
  rspec (~> 3.0)

BUNDLED WITH
   1.16.0
